PATH
  remote: .
  specs:
    aweber (1.1.0)
      oauth

GEM
  remote: http://rubygems.org/
  specs:
    diff-lcs (1.1.3)
    fakeweb (1.3.0)
    oauth (0.4.5)
    rspec (2.1.0)
      rspec-core (~> 2.1.0)
      rspec-expectations (~> 2.1.0)
      rspec-mocks (~> 2.1.0)
    rspec-core (2.1.0)
    rspec-expectations (2.1.0)
      diff-lcs (~> 1.1.2)
    rspec-mocks (2.1.0)
    yard (0.6.8)

PLATFORMS
  ruby

DEPENDENCIES
  aweber!
  fakeweb
  rspec (~> 2.1.0)
  yard (~> 0.6.0)
